##TITLE= Parameter file, TopSpin 3.5 pl 7
##JCAMPDX= 5.0
##DATATYPE= Parameter Values
##NPOINTS= 6636	$$ modification sequence number
##ORIGIN= Bruker BioSpin GmbH
##OWNER= nmr
$$ 2023-09-27 17:05:07.242 -0300  nmrsu@CZC13172D3
$$ C:/Bruker/TopSpin3.5pl7/conf/instr/spect/specpar
$$ process C:\Bruker\TopSpin3.5pl7\prog\mod\hconfserver.exe
##$HPPRECH= (0..15)
-1 -1 -1 -1 -1 -1 -1 -1 -1 -1 -1 -1 -1 -1 -1 -1
##$HPSELECT= no
##$NUC1= 54
##$NUC2= 2
##$NUC3= 0
##$NUC4= 0
##$NUC5= 0
##$NUC6= 0
##$NUC7= 0
##$NUC8= 0
##$NUCARR= (0..123)
640.079841577 640.079841577 600.09 564.64875061 457.145183493 346.154943454
342.79061088 242.920884668 233.217759417 223.777353569 213.825623033 196.352172409
196.341940874 192.532719577 189.327008792 183.747558 183.007671034 170.447721324
166.886145167 162.063413866 159.116701926 158.73520671 157.841360653 157.042004768
156.364605173 150.892750518 150.346428582 149.182374 148.757618296 146.879048553
145.772344572 144.261636 144.029725219 143.604999519 142.383798367 136.53007644
135.16787214 135.070213493 133.179023858 131.495495366 131.21420918 129.000051106
128.059206 127.311973932 125.542422539 120.062922737 119.221002468 114.446242362
107.48105174 105.011585375 102.751094353 96.430190359 92.117468708 88.309760477
84.766559077 84.323524632 81.350942811 79.17767487 78.708656528 77.766965295
71.94839064 68.4342636 66.687569635 65.889882 64.471617292 60.806591621
59.830827278 59.615683011 58.796272118 57.938347449 55.786154668 53.624348446
49.747461 49.470945529 48.941690153 48.7933179 47.372880866 46.59938886
46.0629084 43.349811497 40.386231026 39.928158326 39.675448425 39.107421233
37.546449123 36.735319472 33.920063246 33.839297133 33.830277781 32.704905
31.31102795 30.972859232 29.405598178 28.9303389 28.924338 28.002437736
27.92538618 27.635050636 27.46071849 26.00683244 25.023753 25.002071748
24.290557037 24.183627 24.0456063 23.08906284 20.933029484 20.643096 20.643096
20.163024 19.429582 19.121549802 18.422763 17.282592 15.370135175 15.1042653
13.696040098 11.2276839 11.05005726 10.3755561 10.3095462 10.3095462 100
100
##$NUCOFFS= (0..127)
<13C> <1H> <138La> <139La> <> <> <> <> <> <> <> <> <> <> <> <> <> <> <>
<> <> <> <> <> <> <> <> <> <> <> <> <> <> <> <> <> <> <> <> <> <> <> <>
<> <> <> <> <> <> <> <> <> <> <> <> <> <> <> <> <> <> <> <> <> <> <> <>
<> <> <> <> <> <> <> <> <> <> <> <> <> <> <> <> <> <> <> <> <> <> <> <>
<> <> <> <> <> <> <> <> <> <> <> <> <> <> <> <> <> <> <> <> <> <> <> <>
<> <> <> <> <> <> <> <> <> <> <> <> <>
##$OFFS= (0..127)
0 0 0 0 0 0 0 0 0 0 0 0 0 0 0 0 0 0 0 0 0 0 0 0 0 0 0 0 0 0 0 0 0 0 0 0
0 0 0 0 0 0 0 0 0 0 0 0 0 0 0 0 0 0 0 0 0 0 0 0 0 0 0 0 0 0 0 0 0 0 0 0
0 0 0 0 0 0 0 0 0 0 0 0 0 0 0 0 0 0 0 0 0 0 0 0 0 0 0 0 0 0 0 0 0 0 0 0
0 0 0 0 0 0 0 0 0 0 0 0 0 0 0 0 0 0 0 0
##$OFFSF= (0..7)
0 0 0 0 0 0 0 0
##$OFFSH= (0..7)
3705.7999999206 600.1 0 0 0 0 0 0
##$OFFSX= (0..7)
1338.00000003248 0 0 0 0 0 0 0
##$PRECHAN= (0..15)
-1 1 -1 0 -1 3 2 -1 -1 -1 -1 -1 -1 -1 -1 -1
##$RECPRE= (0..15)
-1 0 -1 -1 -1 -1 -1 -1 -1 -1 -1 -1 -1 -1 -1 -1
##$RECPRFX= (0..15)
1 0 0 0 0 0 0 0 0 0 0 0 0 0 0 0
##$RECSEL= (0..15)
0 0 0 1 0 0 0 0 0 0 0 0 0 0 0 0
##$SELREC= (0..9)
0 0 0 0 0 0 0 0 0 0
##$SFO1= 84.808942
##$SFO2= 600.09
##$SFO3= 640.079842
##$SFO4= 640.092003
##$SFO5= 640.092003
##$SFO6= 640.092003
##$SFO7= 640.092003
##$SFO8= 640.092003
##END=
