##TITLE= Parameter file, TopSpin 3.5 pl 7
##JCAMPDX= 5.0
##DATATYPE= Parameter Values
##NPOINTS= 10404	$$ modification sequence number
##ORIGIN= Bruker BioSpin GmbH
##OWNER= nmr
$$ 2024-04-30 16:56:49.144 -0300  nmrsu@CZC13172D3
$$ C:/Bruker/TopSpin3.5pl7/conf/instr/spect/specpar
$$ process C:\Bruker\TopSpin3.5pl7\prog\mod\hconfserver.exe
##$HPPRECH= (0..15)
-1 -1 -1 -1 -1 -1 -1 -1 -1 -1 -1 -1 -1 -1 -1 -1
##$HPSELECT= no
##$NUC1= 81
##$NUC2= 1
##$NUC3= 0
##$NUC4= 0
##$NUC5= 0
##$NUC6= 0
##$NUC7= 0
##$NUC8= 0
##$NUCARR= (0..123)
600.09 600.09 92.117468708 640.079841577 457.145183493 88.309760477 233.217759417
84.323524632 64.471617292 192.532719577 150.892750518 43.349811497 60.806591621
81.350942811 564.64875061 47.372880866 158.73520671 36.735319472 156.364605173
119.221002468 242.920884668 46.0629084 58.796272118 48.941690153 28.002437736
15.370135175 40.386231026 145.772344572 33.830277781 33.839297133 59.830827278
157.841360653 33.920063246 148.757618296 19.429582 142.383798367 53.624348446
159.116701926 170.447721324 37.546449123 144.029725219 183.007671034 20.933029484
102.751094353 114.446242362 150.346428582 31.31102795 162.063413866 23.08906284
57.938347449 196.352172409 26.00683244 29.405598178 55.786154668 146.879048553
39.107421233 39.928158326 135.070213493 27.635050636 30.972859232 19.121549802
27.46071849 24.290557037 27.92538618 127.311973932 133.179023858 131.21420918
196.341940874 131.495495366 213.825623033 223.777353569 143.604999519 157.042004768
77.766965295 189.327008792 120.062922737 166.886145167 49.470945529 78.708656528
59.615683011 66.687569635 79.17767487 84.766559077 183.747558 32.704905
20.163024 25.023753 20.643096 149.182374 65.889882 18.422763 24.183627
144.261636 20.643096 28.924338 128.059206 17.282592 49.747461 105.011585375
28.9303389 68.4342636 48.7933179 24.0456063 15.1042653 71.94839064 25.002071748
135.16787214 136.53007644 13.696040098 46.59938886 10.3095462 11.2276839
129.000051106 10.3755561 107.48105174 39.675448425 342.79061088 346.154943454
125.542422539 96.430190359 11.05005726 10.3095462 100 100
##$NUCOFFS= (0..127)
<13C> <1H> <138La> <139La> <> <> <> <> <> <> <> <> <> <> <> <> <> <> <>
<> <> <> <> <> <> <> <> <> <> <> <> <> <> <> <> <> <> <> <> <> <> <> <>
<> <> <> <> <> <> <> <> <> <> <> <> <> <> <> <> <> <> <> <> <> <> <> <>
<> <> <> <> <> <> <> <> <> <> <> <> <> <> <> <> <> <> <> <> <> <> <> <>
<> <> <> <> <> <> <> <> <> <> <> <> <> <> <> <> <> <> <> <> <> <> <> <>
<> <> <> <> <> <> <> <> <> <> <> <> <>
##$OFFS= (0..127)
0 0 0 0 0 0 0 0 0 0 0 0 0 0 0 0 0 0 0 0 0 0 0 0 0 0 0 0 0 0 0 0 0 0 0 0
0 0 0 0 0 0 0 0 0 0 0 0 0 0 0 0 0 0 0 0 0 0 0 0 0 0 0 0 0 0 0 0 0 0 0 0
0 0 0 0 0 0 0 0 0 0 0 0 0 0 0 0 0 0 0 0 0 0 0 0 0 0 0 0 0 0 0 0 0 0 0 0
0 0 0 0 0 0 0 0 0 0 0 0 0 0 0 0 0 0 0 0
##$OFFSF= (0..7)
0 0 0 0 0 0 0 0
##$OFFSH= (0..7)
3705.7999999206 600.1 0 0 0 0 0 0
##$OFFSX= (0..7)
1338.00000003248 0 0 0 0 0 0 0
##$PRECHAN= (0..15)
-1 1 -1 0 -1 3 2 -1 -1 -1 -1 -1 -1 -1 -1 -1
##$RECPRE= (0..15)
-1 0 -1 -1 -1 -1 -1 -1 -1 -1 -1 -1 -1 -1 -1 -1
##$RECPRFX= (0..15)
1 0 0 0 0 0 0 0 0 0 0 0 0 0 0 0
##$RECSEL= (0..15)
0 0 0 1 0 0 0 0 0 0 0 0 0 0 0 0
##$SELREC= (0..9)
0 0 0 0 0 0 0 0 0 0
##$SFO1= 79.177675
##$SFO2= 600.0924
##$SFO3= 600.09
##$SFO4= 600.102161
##$SFO5= 600.102161
##$SFO6= 600.102161
##$SFO7= 600.102161
##$SFO8= 600.102161
##END=
